GEM
  remote: https://rubygems.org/
  specs:
    cairo (1.15.2)
      pkg-config (>= 1.1.5)
    pkg-config (1.1.7)

PLATFORMS
  ruby

DEPENDENCIES
  cairo

BUNDLED WITH
   1.12.5
